GEM
  remote: https://rubygems.org/
  specs:
    imdb (0.8.2)
      nokogiri (= 1.6.2.1)
    mini_portile (0.6.0)
    nokogiri (1.6.2.1)
      mini_portile (= 0.6.0)

PLATFORMS
  ruby

DEPENDENCIES
  imdb
